PATH
  remote: /Users/jch/projects/rack-stream
  specs:
    rack-stream (0.0.2)
      em-synchrony
      eventmachine
      faye-websocket
      rack

GEM
  remote: https://rubygems.org/
  specs:
    columnize (0.3.6)
    daemons (1.1.8)
    debugger (1.1.3)
      columnize (>= 0.3.1)
      debugger-linecache (~> 1.1.1)
      debugger-ruby_core_source (~> 1.1.2)
    debugger-linecache (1.1.1)
      debugger-ruby_core_source (>= 1.1.1)
    debugger-ruby_core_source (1.1.2)
    em-synchrony (0.2.0)
      eventmachine (>= 0.12.9)
    eventmachine (0.12.10)
    faraday (0.8.0)
      multipart-post (~> 1.1)
    faye-websocket (0.4.5)
      eventmachine (>= 0.12.0)
    hiredis (0.4.5)
    json (1.7.3)
    multipart-post (1.1.5)
    rack (1.4.1)
    rack-protection (1.2.0)
      rack
    redis (2.2.2)
    sinatra (1.3.2)
      rack (~> 1.3, >= 1.3.6)
      rack-protection (~> 1.2)
      tilt (~> 1.3, >= 1.3.3)
    thin (1.3.1)
      daemons (>= 1.0.9)
      eventmachine (>= 0.12.6)
      rack (>= 1.0.0)
    tilt (1.3.3)

PLATFORMS
  ruby

DEPENDENCIES
  debugger
  faraday
  hiredis
  json
  rack-stream!
  redis
  sinatra
  thin
